GEM
  remote: https://rubygems.org/
  specs:
    abbrev (0.1.1)
    base64 (0.1.1)
    benchmark (0.2.1)
    bigdecimal (3.1.3)
    cgi (0.3.6)
    csv (3.2.6)
    date (3.3.3)
    debug (1.7.1)
      irb (>= 1.5.0)
      reline (>= 0.3.1)
    delegate (0.3.0)
    did_you_mean (1.6.3)
    digest (3.1.1)
    drb (2.1.1)
      ruby2_keywords
    english (0.7.2)
    erb (4.0.2)
      cgi (>= 0.3.3)
    error_highlight (0.5.1)
    etc (1.4.2)
    fcntl (1.0.2)
    fiddle (1.1.1)
    fileutils (1.7.0)
    find (0.1.1)
    forwardable (1.3.3)
    getoptlong (0.2.0)
    io-console (0.6.0)
    io-nonblock (0.2.0)
    io-wait (0.3.0)
    ipaddr (1.2.5)
    irb (1.6.2)
      reline (>= 0.3.0)
    json (2.6.3)
    logger (1.5.3)
    matrix (0.4.2)
    minitest (5.16.3)
    mutex_m (0.1.2)
    net-ftp (0.2.1)
      net-protocol
      time
    net-http (0.4.1)
      uri
    net-imap (0.3.4.1)
      date
      net-protocol
    net-pop (0.1.2)
      net-protocol
    net-protocol (0.2.1)
      timeout
    net-smtp (0.3.4)
      net-protocol
    nkf (0.1.2)
    observer (0.1.1)
    open-uri (0.3.0)
      stringio
      time
      uri
    open3 (0.1.2)
    openssl (3.1.0)
    optparse (0.3.1)
    ostruct (0.5.5)
    pathname (0.2.1)
    power_assert (2.0.3)
    pp (0.4.0)
      prettyprint
    prettyprint (0.1.1)
    prime (0.1.2)
      forwardable
      singleton
    pstore (0.1.2)
    psych (5.0.1)
      stringio
    racc (1.6.2)
    rake (13.0.6)
    rbs (2.8.2)
    rdoc (6.5.1.1)
      psych (>= 4.0.0)
    readline (0.0.3)
      reline
    readline-ext (0.1.5)
    reline (0.3.2)
      io-console (~> 0.5)
    resolv (0.2.2)
    resolv-replace (0.1.1)
      resolv
    rexml (3.2.5)
    rinda (0.1.1)
      drb
      forwardable
      ipaddr
    rss (0.2.9)
      rexml
    ruby2_keywords (0.0.5)
    securerandom (0.2.2)
    set (1.0.3)
    shellwords (0.1.0)
    singleton (0.1.1)
    stringio (3.0.4)
    strscan (3.0.5)
    syntax_suggest (1.1.0)
    syslog (0.1.1)
    tempfile (0.1.3)
    test-unit (3.5.7)
      power_assert
    time (0.2.2)
      date
    timeout (0.3.1)
    tmpdir (0.1.3)
      fileutils
    tsort (0.1.1)
    un (0.2.1)
    uri (0.12.2)
    weakref (0.1.2)
      delegate
    yaml (0.2.1)
    zlib (3.0.0)

PLATFORMS
  ruby

DEPENDENCIES
  abbrev (= 0.1.1)
  base64 (= 0.1.1)
  benchmark (= 0.2.1)
  bigdecimal (= 3.1.3)
  bundler (= 2.4.19)
  cgi (= 0.3.6)
  csv (= 3.2.6)
  date (= 3.3.3)
  debug (= 1.7.1)
  delegate (= 0.3.0)
  did_you_mean (= 1.6.3)
  digest (= 3.1.1)
  drb (= 2.1.1)
  english (= 0.7.2)
  erb (= 4.0.2)
  error_highlight (= 0.5.1)
  etc (= 1.4.2)
  fcntl (= 1.0.2)
  fiddle (= 1.1.1)
  fileutils (= 1.7.0)
  find (= 0.1.1)
  forwardable (= 1.3.3)
  getoptlong (= 0.2.0)
  io-console (= 0.6.0)
  io-nonblock (= 0.2.0)
  io-wait (= 0.3.0)
  ipaddr (= 1.2.5)
  irb (= 1.6.2)
  json (= 2.6.3)
  logger (= 1.5.3)
  matrix (= 0.4.2)
  minitest (= 5.16.3)
  mutex_m (= 0.1.2)
  net-ftp (= 0.2.1)
  net-http (= 0.4.1)
  net-imap (= 0.3.4.1)
  net-pop (= 0.1.2)
  net-protocol (= 0.2.1)
  net-smtp (= 0.3.4)
  nkf (= 0.1.2)
  observer (= 0.1.1)
  open-uri (= 0.3.0)
  open3 (= 0.1.2)
  openssl (= 3.1.0)
  optparse (= 0.3.1)
  ostruct (= 0.5.5)
  pathname (= 0.2.1)
  power_assert (= 2.0.3)
  pp (= 0.4.0)
  prettyprint (= 0.1.1)
  prime (= 0.1.2)
  pstore (= 0.1.2)
  psych (= 5.0.1)
  racc (= 1.6.2)
  rake (= 13.0.6)
  rbs (= 2.8.2)
  rdoc (= 6.5.1.1)
  readline (= 0.0.3)
  readline-ext (= 0.1.5)
  reline (= 0.3.2)
  resolv (= 0.2.2)
  resolv-replace (= 0.1.1)
  rexml (= 3.2.5)
  rinda (= 0.1.1)
  rss (= 0.2.9)
  ruby2_keywords (= 0.0.5)
  securerandom (= 0.2.2)
  set (= 1.0.3)
  shellwords (= 0.1.0)
  singleton (= 0.1.1)
  stringio (= 3.0.4)
  strscan (= 3.0.5)
  syntax_suggest (= 1.1.0)
  syslog (= 0.1.1)
  tempfile (= 0.1.3)
  test-unit (= 3.5.7)
  time (= 0.2.2)
  timeout (= 0.3.1)
  tmpdir (= 0.1.3)
  tsort (= 0.1.1)
  un (= 0.2.1)
  uri (= 0.12.2)
  weakref (= 0.1.2)
  yaml (= 0.2.1)
  zlib (= 3.0.0)

BUNDLED WITH
   2.4.19
