GEM
  remote: https://rubygems.org/
  specs:
    abbrev (0.1.2)
    base64 (0.2.0)
    benchmark (0.3.0)
    bigdecimal (3.1.5)
    cgi (0.4.2)
    csv (3.2.8)
    date (3.3.4)
    debug (1.9.2)
      irb (~> 1.10)
      reline (>= 0.3.8)
    delegate (0.3.1)
    did_you_mean (1.6.3)
    digest (3.1.1)
    drb (2.2.0)
      ruby2_keywords
    english (0.8.0)
    erb (4.0.3)
      cgi (>= 0.3.3)
    error_highlight (0.6.0)
    etc (1.4.3)
    fcntl (1.1.0)
    fiddle (1.1.2)
    fileutils (1.7.2)
    find (0.2.0)
    forwardable (1.3.3)
    getoptlong (0.2.1)
    io-console (0.7.1)
    io-nonblock (0.3.0)
    io-wait (0.3.1)
    ipaddr (1.2.6)
    irb (1.13.1)
      rdoc (>= 4.0.0)
      reline (>= 0.4.2)
    json (2.7.2)
    logger (1.6.0)
    matrix (0.4.2)
    minitest (5.20.0)
    mutex_m (0.2.0)
    net-ftp (0.3.4)
      net-protocol
      time
    net-http (0.4.1)
      uri
    net-imap (0.4.19)
      date
      net-protocol
    net-pop (0.1.2)
      net-protocol
    net-protocol (0.2.2)
      timeout
    net-smtp (0.4.0.1)
    nkf (0.1.3)
    observer (0.1.2)
    open-uri (0.4.1)
      stringio
      time
      uri
    open3 (0.2.1)
    openssl (3.2.0)
    optparse (0.4.0)
    ostruct (0.6.0)
    pathname (0.3.0)
    power_assert (2.0.3)
    pp (0.5.0)
      prettyprint
    prettyprint (0.2.0)
    prime (0.1.2)
      forwardable
      singleton
    prism (1.1.0)
    pstore (0.1.3)
    psych (5.1.2)
      stringio
    racc (1.7.3)
    rake (13.1.0)
    rbs (3.4.0)
      abbrev
    rdoc (6.6.3.1)
      psych (>= 4.0.0)
    readline (0.0.4)
      reline
    reline (0.5.10)
      io-console (~> 0.5)
    resolv (0.3.0)
    resolv-replace (0.1.1)
      resolv
    rexml (3.3.9)
    rinda (0.2.0)
      drb
      forwardable
      ipaddr
    rss (0.3.1)
      rexml
    ruby2_keywords (0.0.5)
    securerandom (0.3.1)
    set (1.1.0)
    shellwords (0.2.0)
    singleton (0.2.0)
    stringio (3.1.1)
    strscan (3.0.9)
    syntax_suggest (2.0.1)
    syslog (0.1.2)
    tempfile (0.2.1)
    test-unit (3.6.1)
      power_assert
    time (0.3.0)
      date
    timeout (0.4.1)
    tmpdir (0.2.0)
      fileutils
    tsort (0.2.0)
    un (0.3.0)
    uri (0.13.2)
    weakref (0.1.3)
      delegate
    yaml (0.3.0)
    zlib (3.1.1)

PLATFORMS
  ruby
  x86_64-darwin-23

DEPENDENCIES
  abbrev (= 0.1.2)
  base64 (= 0.2.0)
  benchmark (= 0.3.0)
  bigdecimal (= 3.1.5)
  bundler (= 2.5.22)
  cgi (= 0.4.2)
  csv (= 3.2.8)
  date (= 3.3.4)
  debug (= 1.9.2)
  delegate (= 0.3.1)
  did_you_mean (= 1.6.3)
  digest (= 3.1.1)
  drb (= 2.2.0)
  english (= 0.8.0)
  erb (= 4.0.3)
  error_highlight (= 0.6.0)
  etc (= 1.4.3)
  fcntl (= 1.1.0)
  fiddle (= 1.1.2)
  fileutils (= 1.7.2)
  find (= 0.2.0)
  forwardable (= 1.3.3)
  getoptlong (= 0.2.1)
  io-console (= 0.7.1)
  io-nonblock (= 0.3.0)
  io-wait (= 0.3.1)
  ipaddr (= 1.2.6)
  irb (= 1.13.1)
  json (= 2.7.2)
  logger (= 1.6.0)
  matrix (= 0.4.2)
  minitest (= 5.20.0)
  mutex_m (= 0.2.0)
  net-ftp (= 0.3.4)
  net-http (= 0.4.1)
  net-imap (= 0.4.19)
  net-pop (= 0.1.2)
  net-protocol (= 0.2.2)
  net-smtp (= 0.4.0.1)
  nkf (= 0.1.3)
  observer (= 0.1.2)
  open-uri (= 0.4.1)
  open3 (= 0.2.1)
  openssl (= 3.2.0)
  optparse (= 0.4.0)
  ostruct (= 0.6.0)
  pathname (= 0.3.0)
  power_assert (= 2.0.3)
  pp (= 0.5.0)
  prettyprint (= 0.2.0)
  prime (= 0.1.2)
  prism (= 1.1.0)
  pstore (= 0.1.3)
  psych (= 5.1.2)
  racc (= 1.7.3)
  rake (= 13.1.0)
  rbs (= 3.4.0)
  rdoc (= 6.6.3.1)
  readline (= 0.0.4)
  reline (= 0.5.10)
  resolv (= 0.3.0)
  resolv-replace (= 0.1.1)
  rexml (= 3.3.9)
  rinda (= 0.2.0)
  rss (= 0.3.1)
  ruby2_keywords (= 0.0.5)
  securerandom (= 0.3.1)
  set (= 1.1.0)
  shellwords (= 0.2.0)
  singleton (= 0.2.0)
  stringio (= 3.1.1)
  strscan (= 3.0.9)
  syntax_suggest (= 2.0.1)
  syslog (= 0.1.2)
  tempfile (= 0.2.1)
  test-unit (= 3.6.1)
  time (= 0.3.0)
  timeout (= 0.4.1)
  tmpdir (= 0.2.0)
  tsort (= 0.2.0)
  un (= 0.3.0)
  uri (= 0.13.2)
  weakref (= 0.1.3)
  yaml (= 0.3.0)
  zlib (= 3.1.1)

BUNDLED WITH
   2.5.22
