GEM
  remote: https://rubygems.org/
  specs:
    abbrev (0.1.0)
    base64 (0.1.1)
    benchmark (0.2.0)
    bigdecimal (3.1.1)
    cgi (0.3.5)
    csv (3.2.5)
    date (3.2.2)
    debug (1.6.3)
      irb (>= 1.3.6)
      reline (>= 0.3.1)
    delegate (0.2.0)
    did_you_mean (1.6.1)
    digest (3.1.0)
    drb (2.1.0)
      ruby2_keywords
    english (0.7.1)
    erb (2.2.3)
      cgi
    error_highlight (0.3.0)
    etc (1.3.0)
    fcntl (1.0.1)
    fiddle (1.1.0)
    fileutils (1.6.0)
    find (0.1.1)
    forwardable (1.3.2)
    getoptlong (0.1.1)
    io-console (0.5.11)
    io-nonblock (0.1.0)
    io-wait (0.2.1)
    ipaddr (1.2.4)
    irb (1.4.1)
      reline (>= 0.3.0)
    json (2.6.1)
    logger (1.5.0)
    matrix (0.4.2)
    minitest (5.15.0)
    mutex_m (0.1.1)
    net-ftp (0.1.3)
      net-protocol
      time
    net-http (0.3.0)
      uri
    net-imap (0.2.3)
      digest
      net-protocol
      strscan
    net-pop (0.1.1)
      digest
      net-protocol
      timeout
    net-protocol (0.1.2)
      io-wait
      timeout
    net-smtp (0.3.1)
      digest
      net-protocol
      timeout
    nkf (0.1.1)
    observer (0.1.1)
    open-uri (0.2.0)
      stringio
      time
      uri
    open3 (0.1.1)
    openssl (3.0.1)
    optparse (0.2.0)
    ostruct (0.5.2)
    pathname (0.2.0)
    power_assert (2.0.1)
    pp (0.3.0)
      prettyprint
    prettyprint (0.1.1)
    prime (0.1.2)
      forwardable
      singleton
    pstore (0.1.1)
    psych (4.0.4)
      stringio
    racc (1.6.0)
    rake (13.0.6)
    rbs (2.7.0)
    rdoc (6.4.0)
      psych (>= 4.0.0)
    readline (0.0.3)
      reline
    readline-ext (0.1.4)
    reline (0.3.1)
      io-console (~> 0.5)
    resolv (0.2.1)
    resolv-replace (0.1.0)
      resolv
    rexml (3.2.5)
    rinda (0.1.1)
      drb
      forwardable
      ipaddr
    rss (0.2.9)
      rexml
    ruby2_keywords (0.0.5)
    securerandom (0.2.0)
    set (1.0.2)
    shellwords (0.1.0)
    singleton (0.1.1)
    stringio (3.0.1)
    strscan (3.0.1)
    syslog (0.1.0)
    tempfile (0.1.2)
    test-unit (3.5.3)
      power_assert
    time (0.2.2)
      date
    timeout (0.2.0)
    tmpdir (0.1.2)
      fileutils
    tsort (0.1.0)
    un (0.2.0)
    uri (0.11.0)
    weakref (0.1.1)
      delegate
    yaml (0.2.0)
    zlib (2.1.1)

PLATFORMS
  ruby

DEPENDENCIES
  abbrev (= 0.1.0)
  base64 (= 0.1.1)
  benchmark (= 0.2.0)
  bigdecimal (= 3.1.1)
  bundler (= 2.3.26)
  cgi (= 0.3.5)
  csv (= 3.2.5)
  date (= 3.2.2)
  debug (= 1.6.3)
  delegate (= 0.2.0)
  did_you_mean (= 1.6.1)
  digest (= 3.1.0)
  drb (= 2.1.0)
  english (= 0.7.1)
  erb (= 2.2.3)
  error_highlight (= 0.3.0)
  etc (= 1.3.0)
  fcntl (= 1.0.1)
  fiddle (= 1.1.0)
  fileutils (= 1.6.0)
  find (= 0.1.1)
  forwardable (= 1.3.2)
  getoptlong (= 0.1.1)
  io-console (= 0.5.11)
  io-nonblock (= 0.1.0)
  io-wait (= 0.2.1)
  ipaddr (= 1.2.4)
  irb (= 1.4.1)
  json (= 2.6.1)
  logger (= 1.5.0)
  matrix (= 0.4.2)
  minitest (= 5.15.0)
  mutex_m (= 0.1.1)
  net-ftp (= 0.1.3)
  net-http (= 0.3.0)
  net-imap (= 0.2.3)
  net-pop (= 0.1.1)
  net-protocol (= 0.1.2)
  net-smtp (= 0.3.1)
  nkf (= 0.1.1)
  observer (= 0.1.1)
  open-uri (= 0.2.0)
  open3 (= 0.1.1)
  openssl (= 3.0.1)
  optparse (= 0.2.0)
  ostruct (= 0.5.2)
  pathname (= 0.2.0)
  power_assert (= 2.0.1)
  pp (= 0.3.0)
  prettyprint (= 0.1.1)
  prime (= 0.1.2)
  pstore (= 0.1.1)
  psych (= 4.0.4)
  racc (= 1.6.0)
  rake (= 13.0.6)
  rbs (= 2.7.0)
  rdoc (= 6.4.0)
  readline (= 0.0.3)
  readline-ext (= 0.1.4)
  reline (= 0.3.1)
  resolv (= 0.2.1)
  resolv-replace (= 0.1.0)
  rexml (= 3.2.5)
  rinda (= 0.1.1)
  rss (= 0.2.9)
  ruby2_keywords (= 0.0.5)
  securerandom (= 0.2.0)
  set (= 1.0.2)
  shellwords (= 0.1.0)
  singleton (= 0.1.1)
  stringio (= 3.0.1)
  strscan (= 3.0.1)
  syslog (= 0.1.0)
  tempfile (= 0.1.2)
  test-unit (= 3.5.3)
  time (= 0.2.2)
  timeout (= 0.2.0)
  tmpdir (= 0.1.2)
  tsort (= 0.1.0)
  un (= 0.2.0)
  uri (= 0.11.0)
  weakref (= 0.1.1)
  yaml (= 0.2.0)
  zlib (= 2.1.1)

BUNDLED WITH
   2.3.26
