GEM
  remote: https://rubygems.org/
  specs:
    google-protobuf (3.23.3)
    googleapis-common-protos-types (1.6.0)
      google-protobuf (~> 3.14)
    grpc (1.53.0)
      google-protobuf (~> 3.21)
      googleapis-common-protos-types (~> 1.0)

PLATFORMS
  ruby

DEPENDENCIES
  grpc (= 1.53.0)
