GEM
  remote: https://rubygems.org/
  specs:
    google-protobuf (3.21.7)
    googleapis-common-protos-types (1.4.0)
      google-protobuf (~> 3.14)
    grpc (1.48.0)
      google-protobuf (~> 3.19)
      googleapis-common-protos-types (~> 1.0)

PLATFORMS
  ruby

DEPENDENCIES
  grpc (= 1.48.0)

BUNDLED WITH
   2.2.32
